GIT
  remote: git://github.com/ctran/annotate_models.git
  revision: ab62e8c131c9a67d687fa23ed5ee05c3bf450852
  specs:
    annotate (2.4.1.beta1)

GIT
  remote: git://github.com/intridea/omniauth-contrib.git
  revision: 027be2e65077eaa123992d64cff0190f634394e8
  specs:
    omniauth-contrib (1.0.0)
      multi_json
      omniauth (~> 1.0)
      omniauth-oauth (~> 1.0)

GIT
  remote: git://github.com/intridea/omniauth.git
  revision: 885bb1639e0ec0b1b268338891b11b17929ffaef
  specs:
    omniauth (1.0.0)
      hashie (~> 1.2)
      rack

GIT
  remote: git://github.com/pauldix/feedzirra.git
  revision: dee1454980e7b93022776cd047ad419da3999332
  specs:
    feedzirra (0.1.1)
      activesupport (>= 3.0.8)
      builder (>= 2.1.2)
      curb (~> 0.7.15)
      i18n (>= 0.5.0)
      loofah (~> 1.2.0)
      nokogiri (>= 1.4.4)
      rake (>= 0.8.7)
      rdoc (~> 3.8)
      sax-machine (~> 0.1.0)

GIT
  remote: git://github.com/seyhunak/twitter-bootstrap-rails.git
  revision: 4296bb9105ca6b0660419ac50e8a0682782de0a2
  specs:
    twitter-bootstrap-rails (1.4.1)
      actionpack
      jquery-rails (~> 1.0)
      less
      less-rails (~> 2.1.0)
      railties

GEM
  remote: http://rubygems.org/
  specs:
    actionmailer (3.1.3)
      actionpack (= 3.1.3)
      mail (~> 2.3.0)
    actionpack (3.1.3)
      activemodel (= 3.1.3)
      activesupport (= 3.1.3)
      builder (~> 3.0.0)
      erubis (~> 2.7.0)
      i18n (~> 0.6)
      rack (~> 1.3.5)
      rack-cache (~> 1.1)
      rack-mount (~> 0.8.2)
      rack-test (~> 0.6.1)
      sprockets (~> 2.0.3)
    activemodel (3.1.3)
      activesupport (= 3.1.3)
      builder (~> 3.0.0)
      i18n (~> 0.6)
    activerecord (3.1.3)
      activemodel (= 3.1.3)
      activesupport (= 3.1.3)
      arel (~> 2.2.1)
      tzinfo (~> 0.3.29)
    activeresource (3.1.3)
      activemodel (= 3.1.3)
      activesupport (= 3.1.3)
    activesupport (3.1.3)
      multi_json (~> 1.0)
    addressable (2.2.6)
    arel (2.2.1)
    builder (3.0.0)
    capybara (1.1.2)
      mime-types (>= 1.16)
      nokogiri (>= 1.3.3)
      rack (>= 1.0.0)
      rack-test (>= 0.5.4)
      selenium-webdriver (~> 2.0)
      xpath (~> 0.1.4)
    capybara-webkit (0.7.2)
      capybara (>= 1.0.0, < 1.2)
    childprocess (0.2.3)
      ffi (~> 1.0.6)
    coffee-rails (3.1.1)
      coffee-script (>= 2.2.0)
      railties (~> 3.1.0)
    coffee-script (2.2.0)
      coffee-script-source
      execjs
    coffee-script-source (1.1.3)
    curb (0.7.16)
    database_cleaner (0.6.7)
    diff-lcs (1.1.3)
    erubis (2.7.0)
    execjs (1.2.9)
      multi_json (~> 1.0)
    factory_girl (2.2.0)
      activesupport
    factory_girl_rails (1.3.0)
      factory_girl (~> 2.2.0)
      railties (>= 3.0.0)
    ffi (1.0.11)
    growl (1.0.3)
    guard (0.8.8)
      thor (~> 0.14.6)
    guard-bundler (0.1.3)
      bundler (>= 1.0.0)
      guard (>= 0.2.2)
    guard-rails (0.0.3)
      guard (>= 0.2.2)
    guard-rspec (0.5.5)
      guard (>= 0.8.4)
    guard-spork (0.3.2)
      guard (>= 0.8.4)
      spork (>= 0.8.4)
    haml (3.1.3)
    haml-rails (0.3.4)
      actionpack (~> 3.0)
      activesupport (~> 3.0)
      haml (~> 3.0)
      railties (~> 3.0)
    hashie (1.2.0)
    hike (1.2.1)
    i18n (0.6.0)
    jquery-rails (1.0.18)
      railties (~> 3.0)
      thor (~> 0.14)
    json (1.6.1)
    json_pure (1.6.3)
    kgio (2.6.0)
    launchy (2.0.5)
      addressable (~> 2.2.6)
    less (2.0.7)
      therubyracer (~> 0.9.2)
    less-rails (2.1.0)
      actionpack (~> 3.1.1)
      less (~> 2.0.7)
    libv8 (3.3.10.4)
    loofah (1.2.0)
      nokogiri (>= 1.4.4)
    mail (2.3.0)
      i18n (>= 0.4.0)
      mime-types (~> 1.16)
      treetop (~> 1.4.8)
    mime-types (1.17.2)
    multi_json (1.0.3)
    nokogiri (1.5.0)
    oauth (0.4.5)
    omniauth-oauth (1.0.0)
      oauth
      omniauth (~> 1.0)
    omniauth-twitter (0.0.6)
      omniauth-oauth (~> 1.0)
    polyglot (0.3.3)
    rack (1.3.5)
    rack-cache (1.1)
      rack (>= 0.4)
    rack-mount (0.8.3)
      rack (>= 1.0.0)
    rack-ssl (1.3.2)
      rack
    rack-test (0.6.1)
      rack (>= 1.0)
    rails (3.1.3)
      actionmailer (= 3.1.3)
      actionpack (= 3.1.3)
      activerecord (= 3.1.3)
      activeresource (= 3.1.3)
      activesupport (= 3.1.3)
      bundler (~> 1.0)
      railties (= 3.1.3)
    railties (3.1.3)
      actionpack (= 3.1.3)
      activesupport (= 3.1.3)
      rack-ssl (~> 1.3.2)
      rake (>= 0.8.7)
      rdoc (~> 3.4)
      thor (~> 0.14.6)
    raindrops (0.8.0)
    rake (0.9.2.2)
    rb-fsevent (0.4.3.1)
    rdoc (3.11)
      json (~> 1.4)
    rspec (2.7.0)
      rspec-core (~> 2.7.0)
      rspec-expectations (~> 2.7.0)
      rspec-mocks (~> 2.7.0)
    rspec-core (2.7.1)
    rspec-expectations (2.7.0)
      diff-lcs (~> 1.1.2)
    rspec-mocks (2.7.0)
    rspec-rails (2.7.0)
      actionpack (~> 3.0)
      activesupport (~> 3.0)
      railties (~> 3.0)
      rspec (~> 2.7.0)
    rubyzip (0.9.5)
    sass (3.1.10)
    sass-rails (3.1.5)
      actionpack (~> 3.1.0)
      railties (~> 3.1.0)
      sass (~> 3.1.10)
      tilt (~> 1.3.2)
    sax-machine (0.1.0)
      nokogiri (> 0.0.0)
    selenium-webdriver (2.13.0)
      childprocess (>= 0.2.1)
      ffi (~> 1.0.9)
      json_pure
      rubyzip
    simplecov (0.5.4)
      multi_json (~> 1.0.3)
      simplecov-html (~> 0.5.3)
    simplecov-html (0.5.3)
    spin (0.2.0)
    spork (0.9.0.rc9)
    sprockets (2.0.3)
      hike (~> 1.2)
      rack (~> 1.0)
      tilt (~> 1.1, != 1.3.0)
    sqlite3 (1.3.4)
    therubyracer (0.9.9)
      libv8 (~> 3.3.10)
    thor (0.14.6)
    tilt (1.3.3)
    treetop (1.4.10)
      polyglot
      polyglot (>= 0.3.1)
    tzinfo (0.3.31)
    uglifier (1.1.0)
      execjs (>= 0.3.0)
      multi_json (>= 1.0.2)
    unicorn (4.1.1)
      kgio (~> 2.4)
      rack
      raindrops (~> 0.6)
    xpath (0.1.4)
      nokogiri (~> 1.3)

PLATFORMS
  ruby

DEPENDENCIES
  annotate!
  capybara-webkit
  coffee-rails (~> 3.1.1)
  database_cleaner (~> 0.6.7)
  factory_girl (~> 2.2.0)
  factory_girl_rails (~> 1.3.0)
  feedzirra (~> 0.1.1)!
  growl
  guard-bundler
  guard-rails
  guard-rspec
  guard-spork
  haml-rails
  jquery-rails
  launchy
  omniauth (~> 1.0.0)!
  omniauth-contrib!
  omniauth-twitter
  rails (= 3.1.3)
  rb-fsevent
  rspec-rails (~> 2.7.0)
  sass-rails (~> 3.1.4)
  simplecov
  spin
  spork (>= 0.9.0.rc9)
  sqlite3
  twitter-bootstrap-rails!
  uglifier (>= 1.0.3)
  unicorn
